GIT
  remote: https://github.com/HTGovdocs/normalize.git
  revision: 64831b2a4bf5bd615fc1a50ac2f53e392f9dc494
  specs:
    normalize (0.1)

GIT
  remote: https://github.com/HTGovdocs/viaf.git
  revision: 83ad4efbb90b59889b8025a26a9aebc2a9282e1c
  specs:
    viaf (0.0.2)

GIT
  remote: https://github.com/traject/traject.git
  revision: 396be11c9e8459bed98e34a2d7c050a91296effd
  specs:
    traject (2.1.0)
      concurrent-ruby (>= 0.8.0)
      dot-properties (>= 0.1.1)
      hashie (~> 3.1)
      httpclient (~> 2.5)
      marc (~> 1.0)
      marc-fastxmlwriter (~> 1.0)
      slop (>= 3.4.5, < 4.0)
      yell
    traject (2.1.0-java)
      concurrent-ruby (>= 0.8.0)
      dot-properties (>= 0.1.1)
      hashie (~> 3.1)
      httpclient (~> 2.5)
      marc (~> 1.0)
      marc-fastxmlwriter (~> 1.0)
      slop (>= 3.4.5, < 4.0)
      traject-marc4j_reader (~> 1.0)
      yell

PATH
  remote: .
  specs:
    registry (0.5)
      dotenv
      library_stdnums (~> 1.0.2)
      marc
      mongoid
      multi_json
      mysql2
      rspec
      traject

GEM
  remote: https://rubygems.org/
  specs:
    activemodel (4.2.5)
      activesupport (= 4.2.5)
      builder (~> 3.1)
    activesupport (4.2.5)
      i18n (~> 0.7)
      json (~> 1.7, >= 1.7.7)
      minitest (~> 5.1)
      thread_safe (~> 0.3, >= 0.3.4)
      tzinfo (~> 1.1)
    bson (3.2.6)
    bson (3.2.6-java)
    builder (3.2.2)
    celluloid (0.17.2)
      celluloid-essentials
      celluloid-extras
      celluloid-fsm
      celluloid-pool
      celluloid-supervision
      timers (>= 4.1.1)
    celluloid-essentials (0.20.5)
      timers (>= 4.1.1)
    celluloid-extras (0.20.5)
      timers (>= 4.1.1)
    celluloid-fsm (0.20.5)
      timers (>= 4.1.1)
    celluloid-pool (0.20.5)
      timers (>= 4.1.1)
    celluloid-supervision (0.20.5)
      timers (>= 4.1.1)
    concurrent-ruby (1.0.0)
    concurrent-ruby (1.0.0-java)
    diff-lcs (1.2.5)
    dot-properties (0.1.3)
    dotenv (2.0.2)
    hashie (3.4.3)
    hitimes (1.2.3)
    hitimes (1.2.3-java)
    httpclient (2.7.0.1)
    i18n (0.7.0)
    json (1.8.3)
    json (1.8.3-java)
    library_stdnums (1.0.2)
    marc (1.0.0)
      scrub_rb (>= 1.0.1, < 2)
      unf
    marc-fastxmlwriter (1.0.0)
      marc (~> 1.0)
    marc-marc4j (1.0.0-java)
      marc (~> 1)
    minitest (5.8.2)
    mongo (2.1.2)
      bson (~> 3.0)
    mongoid (5.0.1)
      activemodel (~> 4.0)
      mongo (~> 2.1)
      origin (~> 2.1)
      tzinfo (>= 0.3.37)
    multi_json (1.11.2)
    mysql2 (0.4.2)
    origin (2.1.1)
    rspec (3.4.0)
      rspec-core (~> 3.4.0)
      rspec-expectations (~> 3.4.0)
      rspec-mocks (~> 3.4.0)
    rspec-core (3.4.0)
      rspec-support (~> 3.4.0)
    rspec-expectations (3.4.0)
      diff-lcs (>= 1.2.0, < 2.0)
      rspec-support (~> 3.4.0)
    rspec-mocks (3.4.0)
      diff-lcs (>= 1.2.0, < 2.0)
      rspec-support (~> 3.4.0)
    rspec-support (3.4.0)
    scrub_rb (1.0.1)
    slop (3.6.0)
    thread_safe (0.3.5)
    thread_safe (0.3.5-java)
    timers (4.1.1)
      hitimes
    traject-marc4j_reader (1.0.2-java)
      marc (~> 1.0)
      marc-marc4j (~> 1.0)
    tzinfo (1.2.2)
      thread_safe (~> 0.1)
    unf (0.1.4)
      unf_ext
    unf (0.1.4-java)
    unf_ext (0.0.7.1)
    yell (2.0.5)

PLATFORMS
  java
  ruby

DEPENDENCIES
  celluloid
  dotenv
  library_stdnums (~> 1.0.2)
  marc
  mongoid
  multi_json
  mysql2
  normalize!
  registry!
  rspec
  traject!
  viaf!

BUNDLED WITH
   1.10.6
