GIT
  remote: https://github.com/HTGovdocs/normalize.git
  revision: 10b9abf908069a2d57fe6533266447279638863f
  specs:
    normalize (0.4)

GIT
  remote: https://github.com/HTGovdocs/viaf.git
  revision: 86e5062d7eb16278aa16c6372f98be6addafe262
  specs:
    viaf (0.0.2)

GIT
  remote: https://github.com/traject/traject.git
  revision: c23d2045d49ca60be6b70a19e471e739e86b1d51
  specs:
    traject (2.3.1)
      concurrent-ruby (>= 0.8.0)
      dot-properties (>= 0.1.1)
      hashie (~> 3.1)
      httpclient (~> 2.5)
      marc (~> 1.0)
      marc-fastxmlwriter (~> 1.0)
      slop (>= 3.4.5, < 4.0)
      yell

PATH
  remote: .
  specs:
    registry (0.9)
      dotenv
      library_stdnums (~> 1.0.2)
      marc
      mongoid
      multi_json
      mysql2
      rspec
      traject

GEM
  remote: https://rubygems.org/
  specs:
    activemodel (4.2.7.1)
      activesupport (= 4.2.7.1)
      builder (~> 3.1)
    activesupport (4.2.7.1)
      i18n (~> 0.7)
      json (~> 1.7, >= 1.7.7)
      minitest (~> 5.1)
      thread_safe (~> 0.3, >= 0.3.4)
      tzinfo (~> 1.1)
    bson (4.1.1)
    bson (4.1.1-java)
    builder (3.2.2)
    celluloid (0.17.3)
      celluloid-essentials
      celluloid-extras
      celluloid-fsm
      celluloid-pool
      celluloid-supervision
      timers (>= 4.1.1)
    celluloid-essentials (0.20.5)
      timers (>= 4.1.1)
    celluloid-extras (0.20.5)
      timers (>= 4.1.1)
    celluloid-fsm (0.20.5)
      timers (>= 4.1.1)
    celluloid-pool (0.20.5)
      timers (>= 4.1.1)
    celluloid-supervision (0.20.6)
      timers (>= 4.1.1)
    concurrent-ruby (1.0.2)
    concurrent-ruby (1.0.2-java)
    diff-lcs (1.2.5)
    dot-properties (0.1.3)
    dotenv (2.1.1)
    hashie (3.4.4)
    hitimes (1.2.4)
    hitimes (1.2.4-java)
    httpclient (2.8.2.4)
    i18n (0.7.0)
    json (1.8.3)
    json (1.8.3-java)
    library_stdnums (1.0.2)
    marc (1.0.0)
      scrub_rb (>= 1.0.1, < 2)
      unf
    marc-fastxmlwriter (1.0.0)
      marc (~> 1.0)
    minitest (5.9.0)
    mongo (2.3.0)
      bson (~> 4.1)
    mongoid (5.1.4)
      activemodel (~> 4.0)
      mongo (~> 2.1)
      origin (~> 2.2)
      tzinfo (>= 0.3.37)
    multi_json (1.12.1)
    mysql2 (0.4.4)
    origin (2.2.0)
    rake (11.2.2)
    rspec (3.5.0)
      rspec-core (~> 3.5.0)
      rspec-expectations (~> 3.5.0)
      rspec-mocks (~> 3.5.0)
    rspec-core (3.5.3)
      rspec-support (~> 3.5.0)
    rspec-expectations (3.5.0)
      diff-lcs (>= 1.2.0, < 2.0)
      rspec-support (~> 3.5.0)
    rspec-mocks (3.5.0)
      diff-lcs (>= 1.2.0, < 2.0)
      rspec-support (~> 3.5.0)
    rspec-support (3.5.0)
    scrub_rb (1.0.1)
    slop (3.6.0)
    thread_safe (0.3.5)
    thread_safe (0.3.5-java)
    timers (4.1.1)
      hitimes
    tzinfo (1.2.2)
      thread_safe (~> 0.1)
    unf (0.1.4)
      unf_ext
    unf (0.1.4-java)
    unf_ext (0.0.7.2)
    yell (2.0.6)

PLATFORMS
  java
  ruby

DEPENDENCIES
  celluloid
  dotenv
  library_stdnums (~> 1.0.2)
  marc
  mongoid
  multi_json
  mysql2
  normalize!
  rake
  registry!
  rspec
  traject!
  viaf!

BUNDLED WITH
   1.10.6
