GIT
  remote: https://github.com/HTGovdocs/blacklist.git
  revision: 47ccc95f1f389c06585b068bcfc1d464dc97f8fd
  specs:
    blacklist (0.1)
      dotenv
      google-api-client

GIT
  remote: https://github.com/HTGovdocs/normalize.git
  revision: 10b9abf908069a2d57fe6533266447279638863f
  specs:
    normalize (0.4)

GIT
  remote: https://github.com/HTGovdocs/viaf.git
  revision: 86e5062d7eb16278aa16c6372f98be6addafe262
  specs:
    viaf (0.0.2)

GIT
  remote: https://github.com/traject/traject.git
  revision: d948c91a00c1f5ab71bc991048d915f88f4f52cc
  specs:
    traject (2.3.2)
      concurrent-ruby (>= 0.8.0)
      dot-properties (>= 0.1.1)
      hashie (~> 3.1)
      httpclient (~> 2.5)
      marc (~> 1.0)
      marc-fastxmlwriter (~> 1.0)
      slop (>= 3.4.5, < 4.0)
      yell

PATH
  remote: .
  specs:
    registry (0.9.3)
      blacklist
      dotenv
      library_stdnums (~> 1.0.2)
      marc
      mongoid
      multi_json
      mysql2
      rspec
      traject

GEM
  remote: https://rubygems.org/
  specs:
    activemodel (5.0.0.1)
      activesupport (= 5.0.0.1)
    activesupport (5.0.0.1)
      concurrent-ruby (~> 1.0, >= 1.0.2)
      i18n (~> 0.7)
      minitest (~> 5.1)
      tzinfo (~> 1.1)
    addressable (2.5.0)
      public_suffix (~> 2.0, >= 2.0.2)
    bson (4.2.0)
    bson (4.2.0-java)
    celluloid (0.17.3)
      celluloid-essentials
      celluloid-extras
      celluloid-fsm
      celluloid-pool
      celluloid-supervision
      timers (>= 4.1.1)
    celluloid-essentials (0.20.5)
      timers (>= 4.1.1)
    celluloid-extras (0.20.5)
      timers (>= 4.1.1)
    celluloid-fsm (0.20.5)
      timers (>= 4.1.1)
    celluloid-pool (0.20.5)
      timers (>= 4.1.1)
    celluloid-supervision (0.20.6)
      timers (>= 4.1.1)
    concurrent-ruby (1.0.2)
    concurrent-ruby (1.0.2-java)
    diff-lcs (1.2.5)
    dot-properties (0.1.3)
    dotenv (2.1.1)
    faraday (0.10.0)
      multipart-post (>= 1.2, < 3)
    google-api-client (0.9.20)
      addressable (~> 2.3)
      googleauth (~> 0.5)
      httpclient (~> 2.7)
      hurley (~> 0.1)
      memoist (~> 0.11)
      mime-types (>= 1.6)
      representable (~> 2.3.0)
      retriable (~> 2.0)
    googleauth (0.5.1)
      faraday (~> 0.9)
      jwt (~> 1.4)
      logging (~> 2.0)
      memoist (~> 0.12)
      multi_json (~> 1.11)
      os (~> 0.9)
      signet (~> 0.7)
    hashie (3.4.6)
    hitimes (1.2.4)
    hitimes (1.2.4-java)
    httpclient (2.8.3)
    hurley (0.2)
    i18n (0.7.0)
    jwt (1.5.6)
    library_stdnums (1.0.2)
    little-plugger (1.1.4)
    logging (2.1.0)
      little-plugger (~> 1.1)
      multi_json (~> 1.10)
    marc (1.0.0)
      scrub_rb (>= 1.0.1, < 2)
      unf
    marc-fastxmlwriter (1.0.0)
      marc (~> 1.0)
    memoist (0.15.0)
    mime-types (3.1)
      mime-types-data (~> 3.2015)
    mime-types-data (3.2016.0521)
    minitest (5.10.1)
    mongo (2.4.0)
      bson (~> 4.2.0)
    mongoid (6.0.3)
      activemodel (~> 5.0)
      mongo (~> 2.3)
    multi_json (1.12.1)
    multipart-post (2.0.0)
    mysql2 (0.4.5)
    os (0.9.6)
    public_suffix (2.0.4)
    rake (12.0.0)
    representable (2.3.0)
      uber (~> 0.0.7)
    retriable (2.1.0)
    rspec (3.5.0)
      rspec-core (~> 3.5.0)
      rspec-expectations (~> 3.5.0)
      rspec-mocks (~> 3.5.0)
    rspec-core (3.5.4)
      rspec-support (~> 3.5.0)
    rspec-expectations (3.5.0)
      diff-lcs (>= 1.2.0, < 2.0)
      rspec-support (~> 3.5.0)
    rspec-mocks (3.5.0)
      diff-lcs (>= 1.2.0, < 2.0)
      rspec-support (~> 3.5.0)
    rspec-support (3.5.0)
    scrub_rb (1.0.1)
    signet (0.7.3)
      addressable (~> 2.3)
      faraday (~> 0.9)
      jwt (~> 1.5)
      multi_json (~> 1.10)
    slop (3.6.0)
    thread_safe (0.3.5)
    thread_safe (0.3.5-java)
    timers (4.1.2)
      hitimes
    tzinfo (1.2.2)
      thread_safe (~> 0.1)
    uber (0.0.15)
    unf (0.1.4)
      unf_ext
    unf (0.1.4-java)
    unf_ext (0.0.7.2)
    yell (2.0.7)

PLATFORMS
  java
  ruby

DEPENDENCIES
  blacklist!
  celluloid
  dotenv
  library_stdnums (~> 1.0.2)
  marc
  mongoid
  multi_json
  mysql2
  normalize!
  rake
  registry!
  rspec
  traject!
  viaf!

BUNDLED WITH
   1.10.6
